PATH
  remote: .
  specs:
    glob (0.2.0)

GEM
  remote: https://rubygems.org/
  specs:
    ast (2.4.1)
    awesome_print (1.8.0)
    byebug (11.1.3)
    coderay (1.1.3)
    docile (1.3.2)
    method_source (1.0.0)
    minitest (5.14.2)
    minitest-utils (0.4.6)
      minitest
    parallel (1.20.0)
    parser (2.7.2.0)
      ast (~> 2.4.1)
    pry (0.13.1)
      coderay (~> 1.1)
      method_source (~> 1.0)
    pry-byebug (3.9.0)
      byebug (~> 11.0)
      pry (~> 0.13.0)
    pry-meta (0.0.10)
      awesome_print
      pry
      pry-byebug
      pry-remote
    pry-remote (0.1.8)
      pry (~> 0.9)
      slop (~> 3.0)
    rainbow (3.0.0)
    rake (13.0.1)
    regexp_parser (1.8.2)
    rexml (3.2.4)
    rubocop (1.3.0)
      parallel (~> 1.10)
      parser (>= 2.7.1.5)
      rainbow (>= 2.2.2, < 4.0)
      regexp_parser (>= 1.8)
      rexml
      rubocop-ast (>= 1.1.1)
      ruby-progressbar (~> 1.7)
      unicode-display_width (>= 1.4.0, < 2.0)
    rubocop-ast (1.1.1)
      parser (>= 2.7.1.5)
    rubocop-fnando (0.0.13)
    ruby-progressbar (1.10.1)
    simplecov (0.19.1)
      docile (~> 1.1)
      simplecov-html (~> 0.11)
    simplecov-html (0.12.3)
    slop (3.6.0)
    unicode-display_width (1.7.0)

PLATFORMS
  ruby

DEPENDENCIES
  glob!
  minitest
  minitest-utils
  pry-meta
  rake
  rubocop
  rubocop-fnando
  simplecov

BUNDLED WITH
   2.1.4
